GEM
  remote: https://rubygems.org/
  specs:
    actionmailer (4.2.11.1)
      actionpack (= 4.2.11.1)
      actionview (= 4.2.11.1)
      activejob (= 4.2.11.1)
      mail (~> 2.5, >= 2.5.4)
      rails-dom-testing (~> 1.0, >= 1.0.5)
    actionpack (4.2.11.1)
      actionview (= 4.2.11.1)
      activesupport (= 4.2.11.1)
      rack (~> 1.6)
      rack-test (~> 0.6.2)
      rails-dom-testing (~> 1.0, >= 1.0.5)
      rails-html-sanitizer (~> 1.0, >= 1.0.2)
    actionview (4.2.11.1)
      activesupport (= 4.2.11.1)
      builder (~> 3.1)
      erubis (~> 2.7.0)
      rails-dom-testing (~> 1.0, >= 1.0.5)
      rails-html-sanitizer (~> 1.0, >= 1.0.3)
    activeadmin (1.0.0)
      arbre (>= 1.1.1)
      bourbon
      coffee-rails
      formtastic (~> 3.1)
      formtastic_i18n
      inherited_resources (~> 1.7)
      jquery-rails
      jquery-ui-rails
      kaminari (>= 0.15, < 2.0)
      railties (>= 4.2, < 5.2)
      ransack (~> 1.3)
      sass-rails
      sprockets (< 4.1)
    activejob (4.2.11.1)
      activesupport (= 4.2.11.1)
      globalid (>= 0.3.0)
    activemodel (4.2.11.1)
      activesupport (= 4.2.11.1)
      builder (~> 3.1)
    activerecord (4.2.11.1)
      activemodel (= 4.2.11.1)
      activesupport (= 4.2.11.1)
      arel (~> 6.0)
    activesupport (4.2.11.1)
      i18n (~> 0.7)
      minitest (~> 5.1)
      thread_safe (~> 0.3, >= 0.3.4)
      tzinfo (~> 1.1)
    addressable (2.7.0)
      public_suffix (>= 2.0.2, < 5.0)
    airbrake (5.8.1)
      airbrake-ruby (~> 1.8)
    airbrake-ruby (1.8.0)
    airbrussh (1.4.0)
      sshkit (>= 1.6.1, != 1.7.0)
    amq-protocol (2.3.0)
    arbre (1.2.1)
      activesupport (>= 3.0.0)
    arel (6.0.4)
    ast (2.4.0)
    aws-eventstream (1.0.3)
    aws-sdk (2.11.446)
      aws-sdk-resources (= 2.11.446)
    aws-sdk-core (2.11.446)
      aws-sigv4 (~> 1.0)
      jmespath (~> 1.0)
    aws-sdk-resources (2.11.446)
      aws-sdk-core (= 2.11.446)
    aws-sigv4 (1.1.0)
      aws-eventstream (~> 1.0, >= 1.0.2)
    bcrypt (3.1.13)
    bcrypt_pbkdf (1.0.1)
    better_errors (2.5.1)
      coderay (>= 1.0.0)
      erubi (>= 1.0.0)
      rack (>= 0.9.0)
    binding_of_caller (0.8.0)
      debug_inspector (>= 0.0.1)
    bourbon (4.2.3)
      sass (~> 3.4)
      thor
    brakeman (4.7.2)
    builder (3.2.4)
    bundler-audit (0.3.0)
      bundler (~> 1.2)
    bunny (2.14.4)
      amq-protocol (~> 2.3, >= 2.3.0)
    byebug (11.1.1)
    capistrano (3.12.0)
      airbrussh (>= 1.0.0)
      i18n
      rake (>= 10.0.0)
      sshkit (>= 1.9.0)
    capistrano-bundler (1.6.0)
      capistrano (~> 3.1)
    capistrano-faster-assets (1.1.0)
      capistrano (>= 3.1)
    capistrano-passenger (0.2.0)
      capistrano (~> 3.0)
    capistrano-rails (1.4.0)
      capistrano (~> 3.1)
      capistrano-bundler (~> 1.1)
    capistrano-rbenv (2.1.6)
      capistrano (~> 3.1)
      sshkit (~> 1.3)
    capistrano-sidekiq (1.0.3)
      capistrano (>= 3.9.0)
      sidekiq (>= 3.4, < 6.0)
    capybara (3.31.0)
      addressable
      mini_mime (>= 0.1.3)
      nokogiri (~> 1.8)
      rack (>= 1.6.0)
      rack-test (>= 0.6.3)
      regexp_parser (~> 1.5)
      xpath (~> 3.2)
    childprocess (3.0.0)
    choice (0.2.0)
    chronic (0.10.2)
    clearance (1.17.0)
      actionmailer (>= 3.1)
      activemodel (>= 3.1)
      activerecord (>= 3.1)
      bcrypt
      email_validator (~> 1.4)
      railties (>= 3.1)
    climate_control (0.2.0)
    coderay (1.1.2)
    coffee-rails (4.2.2)
      coffee-script (>= 2.2.0)
      railties (>= 4.0.0)
    coffee-script (2.4.1)
      coffee-script-source
      execjs
    coffee-script-source (1.8.0)
    colorize (0.8.1)
    commonjs (0.2.7)
    concurrent-ruby (1.1.6)
    connection_pool (2.2.2)
    crack (0.4.3)
      safe_yaml (~> 1.0.0)
    crass (1.0.6)
    database_cleaner (1.8.2)
    debug_inspector (0.0.3)
    docile (1.3.2)
    doorkeeper (4.4.3)
      railties (>= 4.2)
    dotenv (2.7.5)
    dotenv-rails (2.7.5)
      dotenv (= 2.7.5)
      railties (>= 3.2, < 6.1)
    ed25519 (1.2.4)
    em-websocket (0.5.1)
      eventmachine (>= 0.12.9)
      http_parser.rb (~> 0.6.0)
    email_validator (1.6.0)
      activemodel
    erubi (1.9.0)
    erubis (2.7.0)
    eventmachine (1.2.7)
    execjs (2.7.0)
    factory_bot (5.1.1)
      activesupport (>= 4.2.0)
    factory_bot_rails (5.1.1)
      factory_bot (~> 5.1.0)
      railties (>= 4.2.0)
    faker (2.2.1)
      i18n (>= 0.8)
    feedjira (3.1.1)
      loofah (>= 2.3.1)
      sax-machine (>= 1.0)
    ffi (1.12.2)
    flog (4.6.4)
      path_expander (~> 1.0)
      ruby_parser (~> 3.1, > 3.1.0)
      sexp_processor (~> 4.8)
    font-awesome-rails (4.7.0.5)
      railties (>= 3.2, < 6.1)
    formatador (0.2.5)
    formtastic (3.1.5)
      actionpack (>= 3.2.13)
    formtastic_i18n (0.6.0)
    gherkin-ruby (0.3.2)
    globalid (0.4.2)
      activesupport (>= 4.2.0)
    guard (2.16.1)
      formatador (>= 0.2.4)
      listen (>= 2.7, < 4.0)
      lumberjack (>= 1.0.12, < 2.0)
      nenv (~> 0.1)
      notiffany (~> 0.0)
      pry (>= 0.9.12)
      shellany (~> 0.0)
      thor (>= 0.18.1)
    guard-coffeescript (2.0.1)
      coffee-script (>= 2.2.0)
      guard (>= 2.1.0)
      guard-compat (~> 1.1)
    guard-compat (1.2.1)
    guard-haml_lint (1.1.0)
      guard (~> 2.2)
      guard-compat (~> 1.2)
      haml_lint (>= 0.30.0)
    guard-livereload (2.5.2)
      em-websocket (~> 0.5)
      guard (~> 2.8)
      guard-compat (~> 1.0)
      multi_json (~> 1.8)
    guard-rubocop (1.3.0)
      guard (~> 2.0)
      rubocop (~> 0.20)
    haml (5.1.2)
      temple (>= 0.8.0)
      tilt
    haml-rails (1.0.0)
      actionpack (>= 4.0.1)
      activesupport (>= 4.0.1)
      haml (>= 4.0.6, < 6.0)
      html2haml (>= 1.0.1)
      railties (>= 4.0.1)
    haml_lint (0.34.2)
      haml (>= 4.0, < 5.2)
      rainbow
      rubocop (>= 0.50.0)
      sysexits (~> 1.1)
    has_scope (0.7.2)
      actionpack (>= 4.1)
      activesupport (>= 4.1)
    hashdiff (1.0.0)
    html2haml (2.2.0)
      erubis (~> 2.7.0)
      haml (>= 4.0, < 6)
      nokogiri (>= 1.6.0)
      ruby_parser (~> 3.5)
    http_parser.rb (0.6.0)
    i18n (0.9.5)
      concurrent-ruby (~> 1.0)
    inherited_resources (1.9.0)
      actionpack (>= 4.2, < 5.3)
      has_scope (~> 0.6)
      railties (>= 4.2, < 5.3)
      responders
    jaro_winkler (1.5.4)
    jasmine-core (3.5.0)
    jasmine-jquery-rails (2.0.3)
    jasmine-rails (0.15.0)
      jasmine-core (>= 1.3, < 4.0)
      phantomjs (>= 1.9)
      railties (>= 3.2.0)
      sprockets-rails
    jbuilder (2.9.1)
      activesupport (>= 4.2.0)
    jmespath (1.4.0)
    jquery-rails (4.2.2)
      rails-dom-testing (>= 1, < 3)
      railties (>= 4.2.0)
      thor (>= 0.14, < 2.0)
    jquery-ui-rails (5.0.5)
      railties (>= 3.2.16)
    json (2.3.0)
    jwt (2.2.1)
    kaminari (1.2.0)
      activesupport (>= 4.1.0)
      kaminari-actionview (= 1.2.0)
      kaminari-activerecord (= 1.2.0)
      kaminari-core (= 1.2.0)
    kaminari-actionview (1.2.0)
      actionview
      kaminari-core (= 1.2.0)
    kaminari-activerecord (1.2.0)
      activerecord
      kaminari-core (= 1.2.0)
    kaminari-core (1.2.0)
    launchy (2.4.3)
      addressable (~> 2.3)
    less (2.6.0)
      commonjs (~> 0.2.7)
    less-rails (4.0.0)
      actionpack (>= 4)
      less (~> 2.6.0)
      sprockets (>= 2)
    letter_opener (1.7.0)
      launchy (~> 2.2)
    letter_opener_web (1.2.3)
      letter_opener (~> 1.0)
      rails (>= 3.2)
    libv8 (3.16.14.19)
    listen (3.2.1)
      rb-fsevent (~> 0.10, >= 0.10.3)
      rb-inotify (~> 0.9, >= 0.9.10)
    loofah (2.4.0)
      crass (~> 1.0.2)
      nokogiri (>= 1.5.9)
    lumberjack (1.2.4)
    m (1.5.1)
      method_source (>= 0.6.7)
      rake (>= 0.9.2.2)
    mail (2.7.1)
      mini_mime (>= 0.1.1)
    meta_request (0.7.2)
      rack-contrib (>= 1.1, < 3)
      railties (>= 3.0.0, < 7)
    method_source (0.9.2)
    mime-types (3.3.1)
      mime-types-data (~> 3.2015)
    mime-types-data (3.2019.1009)
    mimemagic (0.3.4)
    mini_magick (4.9.5)
    mini_mime (1.0.2)
    mini_portile2 (2.4.0)
    minitest (5.14.0)
    minitest-rails (2.2.1)
      minitest (~> 5.7)
      railties (~> 4.1)
    mocha (1.11.2)
    multi_json (1.14.1)
    nenv (0.3.0)
    net-scp (2.0.0)
      net-ssh (>= 2.6.5, < 6.0.0)
    net-ssh (5.2.0)
    newrelic_rpm (6.8.0.360)
    nokogiri (1.10.8)
      mini_portile2 (~> 2.4.0)
    notiffany (0.1.3)
      nenv (~> 0.1)
      shellany (~> 0.0)
    oh_delegator (0.1.0)
    ohloh_scm (2.4.0)
      nokogiri (~> 1.8, >= 1.8.1)
      posix-spawn (~> 0.3)
      test-unit (~> 3.2, >= 3.2.7)
    open4 (1.3.4)
    paperclip (5.3.0)
      activemodel (>= 4.2.0)
      activesupport (>= 4.2.0)
      mime-types
      mimemagic (~> 0.3.0)
      terrapin (~> 0.6.0)
    parallel (1.19.1)
    parser (2.7.0.2)
      ast (~> 2.4.0)
    path_expander (1.1.0)
    pg (0.20.0)
    phantomjs (2.1.1.0)
    polyamorous (1.3.3)
      activerecord (>= 3.0)
    posix-spawn (0.3.13)
    power_assert (1.1.5)
    pry (0.12.2)
      coderay (~> 1.1.0)
      method_source (~> 0.9.0)
    pry-byebug (3.8.0)
      byebug (~> 11.0)
      pry (~> 0.10)
    pry-rails (0.3.9)
      pry (>= 0.10.4)
    public_suffix (4.0.3)
    quiet_assets (1.1.0)
      railties (>= 3.1, < 5.0)
    rack (1.6.13)
    rack-contrib (1.8.0)
      rack (~> 1.4)
    rack-protection (2.0.8.1)
      rack
    rack-test (0.6.3)
      rack (>= 1.0)
    rails (4.2.11.1)
      actionmailer (= 4.2.11.1)
      actionpack (= 4.2.11.1)
      actionview (= 4.2.11.1)
      activejob (= 4.2.11.1)
      activemodel (= 4.2.11.1)
      activerecord (= 4.2.11.1)
      activesupport (= 4.2.11.1)
      bundler (>= 1.3.0, < 2.0)
      railties (= 4.2.11.1)
      sprockets-rails
    rails-deprecated_sanitizer (1.0.3)
      activesupport (>= 4.2.0.alpha)
    rails-dom-testing (1.0.9)
      activesupport (>= 4.2.0, < 5.0)
      nokogiri (~> 1.6)
      rails-deprecated_sanitizer (>= 1.0.1)
    rails-erd (1.6.0)
      activerecord (>= 4.2)
      activesupport (>= 4.2)
      choice (~> 0.2.0)
      ruby-graphviz (~> 1.2)
    rails-html-sanitizer (1.3.0)
      loofah (~> 2.3)
    railties (4.2.11.1)
      actionpack (= 4.2.11.1)
      activesupport (= 4.2.11.1)
      rake (>= 0.8.7)
      thor (>= 0.18.1, < 2.0)
    rainbow (3.0.0)
    rake (13.0.1)
    ransack (1.8.4)
      actionpack (>= 3.0)
      activerecord (>= 3.0)
      activesupport (>= 3.0)
      i18n
      polyamorous (~> 1.3)
    rb-fsevent (0.10.3)
    rb-inotify (0.10.1)
      ffi (~> 1.0)
    rb-readline (0.5.5)
    rbnacl (3.4.0)
      ffi
    rbnacl-libsodium (1.0.16)
      rbnacl (>= 3.0.1)
    recaptcha (5.3.0)
      json
    redcarpet (3.5.0)
    redis (4.1.3)
    redis-actionpack (5.1.0)
      actionpack (>= 4.0, < 7)
      redis-rack (>= 1, < 3)
      redis-store (>= 1.1.0, < 2)
    redis-activesupport (5.2.0)
      activesupport (>= 3, < 7)
      redis-store (>= 1.3, < 2)
    redis-rack (2.0.6)
      rack (>= 1.5, < 3)
      redis-store (>= 1.2, < 2)
    redis-rails (5.0.2)
      redis-actionpack (>= 5.0, < 6)
      redis-activesupport (>= 5.0, < 6)
      redis-store (>= 1.2, < 2)
    redis-store (1.8.1)
      redis (>= 4, < 5)
    ref (2.0.0)
    regexp_parser (1.6.0)
    responders (2.4.1)
      actionpack (>= 4.2.0, < 6.0)
      railties (>= 4.2.0, < 6.0)
    rubocop (0.79.0)
      jaro_winkler (~> 1.5.1)
      parallel (~> 1.10)
      parser (>= 2.7.0.1)
      rainbow (>= 2.2.2, < 4.0)
      ruby-progressbar (~> 1.7)
      unicode-display_width (>= 1.4.0, < 1.7)
    rubocop-rails (2.4.2)
      rack (>= 1.1)
      rubocop (>= 0.72.0)
    rubocop-rspec (1.38.1)
      rubocop (>= 0.68.1)
    ruby-graphviz (1.2.4)
    ruby-progressbar (1.10.1)
    ruby_parser (3.14.2)
      sexp_processor (~> 4.9)
    rubyzip (2.2.0)
    safe_yaml (1.0.5)
    sass (3.7.4)
      sass-listen (~> 4.0.0)
    sass-listen (4.0.0)
      rb-fsevent (~> 0.9, >= 0.9.4)
      rb-inotify (~> 0.9, >= 0.9.7)
    sass-rails (6.0.0)
      sassc-rails (~> 2.1, >= 2.1.1)
    sassc (2.2.1)
      ffi (~> 1.9)
    sassc-rails (2.1.2)
      railties (>= 4.0.0)
      sassc (>= 2.0)
      sprockets (> 3.0)
      sprockets-rails
      tilt
    sax-machine (1.3.2)
    secondbase (2.1.6)
      rails (>= 4.0)
    selenium-webdriver (3.142.7)
      childprocess (>= 0.5, < 4.0)
      rubyzip (>= 1.2.2)
    sexp_processor (4.14.1)
    shellany (0.0.1)
    sidekiq (5.2.8)
      connection_pool (~> 2.2, >= 2.2.2)
      rack (< 2.1.0)
      rack-protection (>= 1.5.0)
      redis (>= 3.3.5, < 5)
    simplecov (0.18.2)
      docile (~> 1.1)
      simplecov-html (~> 0.11)
    simplecov-html (0.12.0)
    simplecov-rcov (0.2.3)
      simplecov (>= 0.4.1)
    simplemde-rails (1.11.2)
    spinach (0.10.1)
      colorize
      gherkin-ruby (>= 0.3.2)
      json
    spinach-console-reporter (0.0.2)
      spinach
    spring (2.1.0)
    sprockets (3.7.2)
      concurrent-ruby (~> 1.0)
      rack (> 1, < 3)
    sprockets-rails (2.3.3)
      actionpack (>= 3.0)
      activesupport (>= 3.0)
      sprockets (>= 2.8, < 4.0)
    sshkit (1.20.0)
      net-scp (>= 1.1.2)
      net-ssh (>= 2.8.0)
    statsd-instrument (3.0.0)
    sysexits (1.2.0)
    teaspoon (1.1.5)
      railties (>= 3.2.5, < 6)
    teaspoon-jasmine (2.3.4)
      teaspoon (>= 1.0.0)
    temple (0.8.2)
    terrapin (0.6.0)
      climate_control (>= 0.0.3, < 1.0)
    test-unit (3.3.5)
      power_assert
    therubyracer (0.12.3)
      libv8 (~> 3.16.14.15)
      ref
    thor (1.0.1)
    thread_safe (0.3.6)
    tilt (2.0.10)
    timecop (0.9.1)
    twitter-bootstrap-rails (3.2.2)
      actionpack (>= 3.1)
      execjs (>= 2.2.2, >= 2.2)
      less-rails (>= 2.5.0)
      railties (>= 3.1)
    tzinfo (1.2.6)
      thread_safe (~> 0.1)
    uglifier (4.2.0)
      execjs (>= 0.3.0, < 3)
    unicode-display_width (1.6.1)
    vcr (5.1.0)
    webmock (3.8.2)
      addressable (>= 2.3.6)
      crack (>= 0.3.2)
      hashdiff (>= 0.4.0, < 2.0.0)
    whenever (1.0.0)
      chronic (>= 0.6.3)
    will_paginate (3.2.1)
    will_paginate-bootstrap (1.0.2)
      will_paginate (>= 3.0.3)
    xpath (3.2.0)
      nokogiri (~> 1.8)

PLATFORMS
  ruby

DEPENDENCIES
  activeadmin (= 1.0.0)
  airbrake (~> 5.5)
  aws-sdk (~> 2.3)
  bcrypt_pbkdf (~> 1.0)
  better_errors
  binding_of_caller
  brakeman (>= 4.7.1)
  bundler-audit
  bunny
  byebug
  capistrano
  capistrano-faster-assets
  capistrano-passenger
  capistrano-rails
  capistrano-rbenv (~> 2.0)
  capistrano-sidekiq
  capybara
  clearance
  coffee-rails
  coffee-script-source (~> 1.8.0)
  database_cleaner
  doorkeeper (~> 4.4.0)
  dotenv-rails
  ed25519
  execjs
  factory_bot_rails
  faker
  feedjira
  flog
  font-awesome-rails
  guard
  guard-coffeescript
  guard-haml_lint
  guard-livereload (~> 2.5, >= 2.5.2)
  guard-rubocop
  haml-rails (~> 1.0)
  haml_lint (~> 0.21)
  jasmine-jquery-rails
  jasmine-rails
  jbuilder
  jquery-rails (~> 4.2.1)
  jquery-ui-rails (~> 5.0.5)
  jwt
  letter_opener
  letter_opener_web (~> 1.2.0)
  m (~> 1.5.0)
  meta_request
  mini_magick (~> 4.9.4)
  minitest-rails
  mocha
  newrelic_rpm
  nokogiri (~> 1.10.5)
  oh_delegator
  ohloh_scm (= 2.4.0)
  open4
  paperclip (~> 5.3)
  pg (= 0.20)
  pry-byebug
  pry-rails
  quiet_assets
  rails (>= 4.2)
  rails-erd
  ransack (= 1.8.4)
  rb-readline (~> 0.5.5)
  rbnacl (~> 3.2)
  rbnacl-libsodium
  recaptcha
  redcarpet
  redis-rails (>= 5.0.2)
  rubocop-rails
  rubocop-rspec (> 1.28)
  ruby_parser
  sass-rails
  secondbase
  selenium-webdriver
  sidekiq
  simplecov
  simplecov-rcov
  simplemde-rails
  spinach
  spinach-console-reporter
  spring
  sprockets-rails (~> 2.3.3)
  statsd-instrument
  teaspoon-jasmine
  therubyracer
  thor
  timecop
  twitter-bootstrap-rails
  uglifier (>= 2.7.2)
  vcr
  webmock
  whenever
  will_paginate
  will_paginate-bootstrap

BUNDLED WITH
   1.17.3
